GIT
  remote: https://github.com/alces-software/RubyTree
  revision: e8cadbefa66055abfedc20f8c1bcfad85333263d
  specs:
    rubytree (0.9.7)
      json (>= 1.8, < 3.0)

GIT
  remote: https://github.com/alces-software/commander
  revision: 4090e181cf280f228543e35ad21af219a6d2f626
  specs:
    commander (4.4.4.pre.alces2)
      highline (~> 1.7.2)

GIT
  remote: https://github.com/alces-software/ruby-pcap
  revision: 966ce3739d7c91c15032b3a85095c7400565841f
  specs:
    pcap (0.7.8)

PATH
  remote: ../underware
  specs:
    underware (0.3.0)
      activesupport (~> 5.1.6)
      colorize
      commander
      dry-validation
      hashie
      highline (= 1.7.8)
      network_interface (~> 0.0.1)
      recursive-open-struct
      rubytree
      rugged
      terminal-table

GEM
  remote: https://rubygems.org/
  specs:
    activesupport (5.1.6)
      concurrent-ruby (~> 1.0, >= 1.0.2)
      i18n (>= 0.7, < 2)
      minitest (~> 5.1)
      tzinfo (~> 1.1)
    ast (2.4.0)
    coderay (1.1.2)
    colorize (0.8.1)
    concurrent-ruby (1.0.5)
    diff-lcs (1.3)
    docile (1.3.1)
    dry-configurable (0.7.0)
      concurrent-ruby (~> 1.0)
    dry-container (0.6.0)
      concurrent-ruby (~> 1.0)
      dry-configurable (~> 0.1, >= 0.1.3)
    dry-core (0.4.7)
      concurrent-ruby (~> 1.0)
    dry-equalizer (0.2.1)
    dry-inflector (0.1.2)
    dry-logic (0.4.2)
      dry-container (~> 0.2, >= 0.2.6)
      dry-core (~> 0.2)
      dry-equalizer (~> 0.2)
    dry-types (0.13.2)
      concurrent-ruby (~> 1.0)
      dry-container (~> 0.3)
      dry-core (~> 0.4, >= 0.4.4)
      dry-equalizer (~> 0.2)
      dry-inflector (~> 0.1, >= 0.1.2)
      dry-logic (~> 0.4, >= 0.4.2)
    dry-validation (0.12.2)
      concurrent-ruby (~> 1.0)
      dry-configurable (~> 0.1, >= 0.1.3)
      dry-core (~> 0.2, >= 0.2.1)
      dry-equalizer (~> 0.2)
      dry-logic (~> 0.4, >= 0.4.0)
      dry-types (~> 0.13.1)
    fakefs (0.18.0)
    hashie (3.6.0)
    highline (1.7.8)
    i18n (1.1.1)
      concurrent-ruby (~> 1.0)
    json (2.1.0)
    method_source (0.9.0)
    minitest (5.11.3)
    net-dhcp (1.3.3)
    network_interface (0.0.2)
    parallel (1.12.1)
    parser (2.5.1.2)
      ast (~> 2.4.0)
    powerpack (0.1.2)
    pry (0.11.3)
      coderay (~> 1.1.0)
      method_source (~> 0.9.0)
    rainbow (3.0.0)
    recursive-open-struct (1.1.0)
    rspec (3.8.0)
      rspec-core (~> 3.8.0)
      rspec-expectations (~> 3.8.0)
      rspec-mocks (~> 3.8.0)
    rspec-core (3.8.0)
      rspec-support (~> 3.8.0)
    rspec-expectations (3.8.2)
      diff-lcs (>= 1.2.0, < 2.0)
      rspec-support (~> 3.8.0)
    rspec-mocks (3.8.0)
      diff-lcs (>= 1.2.0, < 2.0)
      rspec-support (~> 3.8.0)
    rspec-support (3.8.0)
    rubocop (0.52.1)
      parallel (~> 1.10)
      parser (>= 2.4.0.2, < 3.0)
      powerpack (~> 0.1)
      rainbow (>= 2.2.2, < 4.0)
      ruby-progressbar (~> 1.7)
      unicode-display_width (~> 1.0, >= 1.0.1)
    rubocop-rspec (1.23.0)
      rubocop (>= 0.52.1)
    ruby-libvirt (0.7.1)
    ruby-progressbar (1.10.0)
    rugged (0.27.5)
    simplecov (0.16.1)
      docile (~> 1.1)
      json (>= 1.8, < 3)
      simplecov-html (~> 0.10.0)
    simplecov-html (0.10.2)
    terminal-table (1.8.0)
      unicode-display_width (~> 1.1, >= 1.1.1)
    thread_safe (0.3.6)
    tzinfo (1.2.5)
      thread_safe (~> 0.1)
    unicode-display_width (1.4.0)

PLATFORMS
  ruby

DEPENDENCIES
  activesupport
  colorize
  commander!
  dry-validation
  fakefs
  hashie
  highline (= 1.7.8)
  net-dhcp
  network_interface (~> 0.0.1)
  pcap!
  pry
  recursive-open-struct
  rspec
  rubocop (~> 0.52.1)
  rubocop-rspec
  ruby-libvirt
  rubytree!
  rugged
  simplecov
  terminal-table
  underware (= 0.3.0)!

RUBY VERSION
   ruby 2.4.1p111

BUNDLED WITH
   1.17.1
