GEM
  remote: https://rubygems.org/
  specs:
    commander (4.4.3)
      highline (~> 1.7.2)
    highline (1.7.8)

PLATFORMS
  ruby

DEPENDENCIES
  commander

RUBY VERSION
   ruby 2.4.1p111

BUNDLED WITH
   1.14.6
